GEM
  remote: http://rubygems.org/
  specs:
    bouncy-castle-java (1.5.0146.1)
    columnize (0.3.4)
    eventmachine (0.12.10)
    eventmachine (0.12.10-java)
    fakefs (0.4.0)
    jruby-openssl (0.7.4)
      bouncy-castle-java
    jruby_sandbox (0.1.3-java)
      fakefs
    json (1.5.3)
    json (1.5.3-java)
    linecache (0.46)
      rbx-require-relative (> 0.0.4)
    rbx-require-relative (0.0.5)
    ruby-debug (0.10.4)
      columnize (>= 0.1)
      ruby-debug-base (~> 0.10.4.0)
    ruby-debug-base (0.10.4)
      linecache (>= 0.3)
    ruby-debug-base (0.10.4-java)
    xmpp4r (0.5)

PLATFORMS
  java
  ruby

DEPENDENCIES
  columnize (>= 0.3.2)
  eventmachine (>= 0.12.10)
  jruby-openssl
  jruby_sandbox
  json (>= 1.5.1)
  ruby-debug (>= 0.10.4)
  ruby-debug-base (>= 0.10.4)
  xmpp4r (>= 0.5)
